FRAMEWORK: NET45
NUGET
  remote: https://www.nuget.org/api/v2
    ExtCore (0.8.46)
    FSharp.Compiler.Service (11.0.4)
      System.Collections.Immutable (>= 1.2)
      System.Reflection.Metadata (>= 1.4.1-beta-24227-04)
    FSharp.Core (4.1)
      System.ValueTuple (>= 4.3)
    System.Collections.Immutable (1.3.1)
    System.Reflection.Metadata (1.4.2)
      System.Collections.Immutable (>= 1.3.1)
    System.ValueTuple (4.3)
